GEM
  remote: https://rubygems.org/
  specs:
    minitest (5.4.0)
    minitest-focus (1.1.2)
      minitest (>= 4, < 6)

PLATFORMS
  ruby

DEPENDENCIES
  minitest (~> 5.4)
  minitest-focus

BUNDLED WITH
   1.15.3
